GIT
  remote: git://github.com/sandal/prawn
  revision: b42fce2f4eb615bd49826aa311cae47222887216
  submodules: true
  specs:
    prawn (0.11.1.pre)
      pdf-reader (>= 0.9.0)
      ttfunk (~> 1.0.0)

GIT
  remote: https://github.com/sandal/ttfunk.git
  revision: c467d86c74eeffecb1f0887d11e5aacf08202507
  specs:
    ttfunk (1.0.0)

GEM
  remote: http://rubygems.org/
  specs:
    Ascii85 (1.0.0)
    ZenTest (4.5.0)
    abstract (1.0.0)
    actionmailer (3.0.5)
      actionpack (= 3.0.5)
      mail (~> 2.2.15)
    actionpack (3.0.5)
      activemodel (= 3.0.5)
      activesupport (= 3.0.5)
      builder (~> 2.1.2)
      erubis (~> 2.6.6)
      i18n (~> 0.4)
      rack (~> 1.2.1)
      rack-mount (~> 0.6.13)
      rack-test (~> 0.5.7)
      tzinfo (~> 0.3.23)
    active_scaffold_vho (3.0.16)
      rails (~> 3.0.0)
      render_component_vho
      verification
    activemodel (3.0.5)
      activesupport (= 3.0.5)
      builder (~> 2.1.2)
      i18n (~> 0.4)
    activerecord (3.0.5)
      activemodel (= 3.0.5)
      activesupport (= 3.0.5)
      arel (~> 2.0.2)
      tzinfo (~> 0.3.23)
    activeresource (3.0.5)
      activemodel (= 3.0.5)
      activesupport (= 3.0.5)
    activesupport (3.0.5)
    annotate-models (1.0.4)
    archive-tar-minitar (0.5.2)
    arel (2.0.9)
    autotest (4.4.6)
      ZenTest (>= 4.4.1)
    builder (2.1.2)
    cancan (1.6.0)
    capybara (0.4.1.2)
      celerity (>= 0.7.9)
      culerity (>= 0.2.4)
      mime-types (>= 1.16)
      nokogiri (>= 1.3.3)
      rack (>= 1.0.0)
      rack-test (>= 0.5.4)
      selenium-webdriver (>= 0.0.27)
      xpath (~> 0.1.3)
    celerity (0.8.8)
    childprocess (0.1.7)
      ffi (~> 0.6.3)
    chronic (0.3.0)
    columnize (0.3.2)
    configatron (2.6.4)
      yamler (>= 0.1.0)
    configuration (1.2.0)
    cover_me (1.0.0.rc6)
      configatron
      hashie
    cucumber (0.10.0)
      builder (>= 2.1.2)
      diff-lcs (~> 1.1.2)
      gherkin (~> 2.3.2)
      json (~> 1.4.6)
      term-ansicolor (~> 1.0.5)
    cucumber-rails (0.3.2)
      cucumber (>= 0.8.0)
    culerity (0.2.15)
    database_cleaner (0.6.5)
    diff-lcs (1.1.2)
    erubis (2.6.6)
      abstract (>= 1.0.0)
    factory_girl (2.0.0.beta1)
    factory_girl_rails (1.1.beta1)
      factory_girl (~> 2.0.0.beta)
      rails (>= 3.0.0)
    ffi (0.6.3)
      rake (>= 0.8.7)
    gherkin (2.3.4)
      json (~> 1.4.6)
    haml (3.0.25)
    hashie (1.0.0)
    hoe (2.9.1)
      rake (>= 0.8.7)
    i18n (0.5.0)
    jrails (0.6.0)
    json (1.4.6)
    json_pure (1.5.1)
    launchy (0.4.0)
      configuration (>= 0.0.5)
      rake (>= 0.8.1)
    linecache19 (0.5.11)
      ruby_core_source (>= 0.1.4)
    mail (2.2.15)
      activesupport (>= 2.3.6)
      i18n (>= 0.4.0)
      mime-types (~> 1.16)
      treetop (~> 1.4.8)
    mime-types (1.16)
    mysql2 (0.2.6)
    nokogiri (1.4.4)
    pdf-reader (0.9.1)
      Ascii85 (>= 0.9)
    polyglot (0.3.1)
    rack (1.2.1)
    rack-mount (0.6.13)
      rack (>= 1.0.0)
    rack-ssl-enforcer (0.2.2)
    rack-test (0.5.7)
      rack (>= 1.0)
    rails (3.0.5)
      actionmailer (= 3.0.5)
      actionpack (= 3.0.5)
      activerecord (= 3.0.5)
      activeresource (= 3.0.5)
      activesupport (= 3.0.5)
      bundler (~> 1.0)
      railties (= 3.0.5)
    railties (3.0.5)
      actionpack (= 3.0.5)
      activesupport (= 3.0.5)
      rake (>= 0.8.7)
      thor (~> 0.14.4)
    rake (0.8.7)
    redgreen (1.2.2)
    render_component_vho (3.0.3)
      railties (~> 3.0.0)
    rspec (2.5.0)
      rspec-core (~> 2.5.0)
      rspec-expectations (~> 2.5.0)
      rspec-mocks (~> 2.5.0)
    rspec-core (2.5.1)
    rspec-expectations (2.5.0)
      diff-lcs (~> 1.1.2)
    rspec-mocks (2.5.0)
    rspec-rails (2.5.0)
      actionpack (~> 3.0)
      activesupport (~> 3.0)
      railties (~> 3.0)
      rspec (~> 2.5.0)
    ruby-debug-base19 (0.11.24)
      columnize (>= 0.3.1)
      linecache19 (>= 0.5.11)
      ruby_core_source (>= 0.1.4)
    ruby-debug19 (0.11.6)
      columnize (>= 0.3.1)
      linecache19 (>= 0.5.11)
      ruby-debug-base19 (>= 0.11.19)
    ruby_core_source (0.1.4)
      archive-tar-minitar (>= 0.5.2)
    rubyzip (0.9.4)
    selenium-client (1.2.18)
    selenium-webdriver (0.1.3)
      childprocess (~> 0.1.5)
      ffi (~> 0.6.3)
      json_pure
      rubyzip
    settingslogic (2.0.6)
    spork (0.8.4)
    term-ansicolor (1.0.5)
    test-unit (1.2.3)
      hoe (>= 1.5.1)
    thor (0.14.6)
    treetop (1.4.9)
      polyglot (>= 0.3.1)
    tzinfo (0.3.24)
    verification (1.0.1)
      actionpack (~> 3.0.0)
      activesupport (~> 3.0.0)
    xpath (0.1.3)
      nokogiri (~> 1.3)
    yamler (0.1.0)

PLATFORMS
  ruby

DEPENDENCIES
  active_scaffold_vho
  annotate-models
  autotest
  cancan
  capybara
  chronic
  cover_me
  cucumber-rails (>= 0.3.2)
  database_cleaner (>= 0.5.2)
  factory_girl (= 2.0.0.beta1)
  factory_girl_rails (= 1.1.beta1)
  haml
  jrails
  launchy
  mysql2
  prawn (>= 0.10.0)!
  rack-ssl-enforcer
  rails (>= 3.0.0)
  redgreen
  rspec-rails (>= 2.2.0)
  ruby-debug19
  selenium-client (>= 1.2.18)
  settingslogic
  spork
  test-unit (= 1.2.3)
  ttfunk (~> 1.0.0)!
