GEM
  remote: http://rubygems.org/
  specs:
    Ascii85 (1.0.1)
    ZenTest (4.8.1)
    abstract (1.0.0)
    actionmailer (3.0.5)
      actionpack (= 3.0.5)
      mail (~> 2.2.15)
    actionpack (3.0.5)
      activemodel (= 3.0.5)
      activesupport (= 3.0.5)
      builder (~> 2.1.2)
      erubis (~> 2.6.6)
      i18n (~> 0.4)
      rack (~> 1.2.1)
      rack-mount (~> 0.6.13)
      rack-test (~> 0.5.7)
      tzinfo (~> 0.3.23)
    active_scaffold_config_list_vho (3.0.2)
      active_scaffold_vho (~> 3.0)
    active_scaffold_vho (3.0.26)
      rails (~> 3.0.0)
      render_component_vho
      verification
    activemodel (3.0.5)
      activesupport (= 3.0.5)
      builder (~> 2.1.2)
      i18n (~> 0.4)
    activerecord (3.0.5)
      activemodel (= 3.0.5)
      activesupport (= 3.0.5)
      arel (~> 2.0.2)
      tzinfo (~> 0.3.23)
    activeresource (3.0.5)
      activemodel (= 3.0.5)
      activesupport (= 3.0.5)
    activesupport (3.0.5)
    addressable (2.2.8)
    annotate-models (1.0.4)
    archive-tar-minitar (0.5.2)
    arel (2.0.10)
    autotest (4.4.6)
      ZenTest (>= 4.4.1)
    builder (2.1.2)
    cancan (1.6.7)
    capybara (0.4.1.2)
      celerity (>= 0.7.9)
      culerity (>= 0.2.4)
      mime-types (>= 1.16)
      nokogiri (>= 1.3.3)
      rack (>= 1.0.0)
      rack-test (>= 0.5.4)
      selenium-webdriver (>= 0.0.27)
      xpath (~> 0.1.3)
    celerity (0.9.2)
    childprocess (0.3.2)
      ffi (~> 1.0.6)
    chronic (0.6.7)
    columnize (0.3.6)
    cucumber (1.2.0)
      builder (>= 2.1.2)
      diff-lcs (>= 1.1.3)
      gherkin (~> 2.10.0)
      json (>= 1.4.6)
    cucumber-rails (0.4.1)
      cucumber (>= 0.10.1)
      nokogiri (>= 1.4.4)
      rack-test (>= 0.5.7)
    culerity (0.2.15)
    database_cleaner (0.7.2)
    diff-lcs (1.1.3)
    erubis (2.6.6)
      abstract (>= 1.0.0)
    factory_girl (2.0.0.beta1)
    factory_girl_rails (1.1.beta1)
      factory_girl (~> 2.0.0.beta)
      rails (>= 3.0.0)
    ffi (1.0.11)
    gherkin (2.10.0)
      json (>= 1.4.6)
    haml (3.1.6)
    httparty (0.8.3)
      multi_json (~> 1.0)
      multi_xml
    i18n (0.6.0)
    jrails (0.6.0)
    json (1.7.3)
    launchy (2.1.0)
      addressable (~> 2.2.6)
    libwebsocket (0.1.3)
      addressable
    linecache19 (0.5.12)
      ruby_core_source (>= 0.1.4)
    macaddr (1.6.0)
      systemu (~> 2.2.0)
    mail (2.2.19)
      activesupport (>= 2.3.6)
      i18n (>= 0.4.0)
      mime-types (~> 1.16)
      treetop (~> 1.4.8)
    mime-types (1.18)
    multi_json (1.3.6)
    multi_xml (0.5.1)
    nokogiri (1.5.3)
    pdf-reader (1.1.1)
      Ascii85 (~> 1.0.0)
      ruby-rc4
    pg (0.13.2)
    polyglot (0.3.3)
    prawn (0.11.1)
      pdf-reader (>= 0.9.0)
      ttfunk (~> 1.0.0)
    progstr-filer (0.8.10)
      actionpack (>= 3.0.0)
      activemodel (>= 3.0.0)
      activerecord (>= 3.0.0)
      multi_json
      rest-client
      uuid
    rack (1.2.5)
    rack-mount (0.6.14)
      rack (>= 1.0.0)
    rack-ssl-enforcer (0.2.4)
    rack-test (0.5.7)
      rack (>= 1.0)
    rails (3.0.5)
      actionmailer (= 3.0.5)
      actionpack (= 3.0.5)
      activerecord (= 3.0.5)
      activeresource (= 3.0.5)
      activesupport (= 3.0.5)
      bundler (~> 1.0)
      railties (= 3.0.5)
    railties (3.0.5)
      actionpack (= 3.0.5)
      activesupport (= 3.0.5)
      rake (>= 0.8.7)
      thor (~> 0.14.4)
    rake (0.9.2.2)
    redgreen (1.2.2)
    render_component_vho (3.0.3)
      railties (~> 3.0.0)
    rest-client (1.6.7)
      mime-types (>= 1.16)
    rspec (2.10.0)
      rspec-core (~> 2.10.0)
      rspec-expectations (~> 2.10.0)
      rspec-mocks (~> 2.10.0)
    rspec-core (2.10.1)
    rspec-expectations (2.10.0)
      diff-lcs (~> 1.1.3)
    rspec-mocks (2.10.1)
    rspec-rails (2.10.1)
      actionpack (>= 3.0)
      activesupport (>= 3.0)
      railties (>= 3.0)
      rspec (~> 2.10.0)
    ruby-debug-base19 (0.11.25)
      columnize (>= 0.3.1)
      linecache19 (>= 0.5.11)
      ruby_core_source (>= 0.1.4)
    ruby-debug19 (0.11.6)
      columnize (>= 0.3.1)
      linecache19 (>= 0.5.11)
      ruby-debug-base19 (>= 0.11.19)
    ruby-rc4 (0.1.5)
    ruby_core_source (0.1.5)
      archive-tar-minitar (>= 0.5.2)
    rubyzip (0.9.8)
    sass (3.1.19)
    selenium-client (1.2.18)
    selenium-webdriver (2.22.1)
      childprocess (>= 0.2.5)
      ffi (~> 1.0)
      libwebsocket (~> 0.1.3)
      multi_json (~> 1.0)
      rubyzip
    settingslogic (2.0.8)
    spork (0.9.0.rc9)
    systemu (2.2.0)
    test-unit (2.4.8)
    thor (0.14.6)
    treetop (1.4.10)
      polyglot
      polyglot (>= 0.3.1)
    ttfunk (1.0.3)
    twiliolib (2.0.7)
      builder (>= 2.1.2)
    tzinfo (0.3.33)
    uuid (2.3.5)
      macaddr (~> 1.0)
    verification (1.0.1)
      actionpack (~> 3.0.0)
      activesupport (~> 3.0.0)
    xpath (0.1.4)
      nokogiri (~> 1.3)

PLATFORMS
  ruby

DEPENDENCIES
  active_scaffold_config_list_vho
  active_scaffold_vho
  annotate-models
  autotest
  cancan
  capybara (= 0.4.1.2)
  chronic
  cucumber-rails
  database_cleaner (>= 0.5.2)
  factory_girl (= 2.0.0.beta1)
  factory_girl_rails (= 1.1.beta1)
  haml
  httparty
  jrails
  launchy
  pg
  prawn (= 0.11.1)
  progstr-filer
  rack-ssl-enforcer
  rails (= 3.0.5)
  redgreen
  rspec-rails
  ruby-debug19
  sass
  selenium-client (>= 1.2.18)
  settingslogic
  spork (= 0.9.0.rc9)
  test-unit
  twiliolib
